GEM
  remote: https://rubygems.org/
  specs:
    okura (0.0.1)

PLATFORMS
  ruby

DEPENDENCIES
  okura
